GEM
  remote: https://rubygems.org/
  specs:
    ast (2.4.0)
    concurrent-ruby (1.1.6)
    dotenv (2.7.5)
    faker (2.10.1)
      i18n (>= 1.6, < 2)
    i18n (1.8.2)
      concurrent-ruby (~> 1.0)
    jaro_winkler (1.5.4)
    multi_json (1.14.1)
    mustermann (2.0.2)
      ruby2_keywords (~> 0.0.1)
    parallel (1.19.1)
    parser (2.7.0.2)
      ast (~> 2.4.0)
    pg (1.2.2)
    rack (2.2.4)
    rack-protection (2.2.3)
      rack
    rainbow (3.0.0)
    rubocop (0.79.0)
      jaro_winkler (~> 1.5.1)
      parallel (~> 1.10)
      parser (>= 2.7.0.1)
      rainbow (>= 2.2.2, < 4.0)
      ruby-progressbar (~> 1.7)
      unicode-display_width (>= 1.4.0, < 1.7)
    rubocop-faker (0.2.0)
      rubocop (>= 0.74)
    ruby-progressbar (1.10.1)
    ruby2_keywords (0.0.5)
    sinatra (2.2.3)
      mustermann (~> 2.0)
      rack (~> 2.2)
      rack-protection (= 2.2.3)
      tilt (~> 2.0)
    sinatra-contrib (2.2.3)
      multi_json
      mustermann (~> 2.0)
      rack-protection (= 2.2.3)
      sinatra (= 2.2.3)
      tilt (~> 2.0)
    tilt (2.0.11)
    unicode-display_width (1.6.1)

PLATFORMS
  ruby

DEPENDENCIES
  dotenv
  faker
  parallel
  pg
  rubocop-faker
  sinatra
  sinatra-contrib

BUNDLED WITH
   2.0.2
